PATH
  remote: .
  specs:
    pacer-scale (0.1.0-java)
      lock_jar (~> 0.10.2)
      pacer

GEM
  remote: https://rubygems.org/
  specs:
    autotest-standalone (4.5.11)
    builder (3.2.2)
    diff-lcs (1.2.5)
    faraday (0.9.1)
      multipart-post (>= 1.2, < 3)
    geminabox (0.12.4)
      builder
      faraday
      httpclient (>= 2.2.7)
      nesty
      sinatra (>= 1.2.7)
    httpclient (2.6.0.1)
    lock_jar (0.10.5)
      naether (~> 0.14.0)
      thor (>= 0.18.1)
    multipart-post (2.0.0)
    naether (0.14.1-java)
      httpclient
    nesty (1.0.2)
    nokogiri (1.6.6.2-java)
    pacer (2.0.14-java)
      lock_jar (~> 0.10.2)
    rack (1.6.0)
    rack-protection (1.5.3)
      rack
    rake (10.4.2)
    rspec (3.2.0)
      rspec-core (~> 3.2.0)
      rspec-expectations (~> 3.2.0)
      rspec-mocks (~> 3.2.0)
    rspec-core (3.2.3)
      rspec-support (~> 3.2.0)
    rspec-expectations (3.2.1)
      diff-lcs (>= 1.2.0, < 2.0)
      rspec-support (~> 3.2.0)
    rspec-its (1.2.0)
      rspec-core (>= 3.0.0)
      rspec-expectations (>= 3.0.0)
    rspec-mocks (3.2.1)
      diff-lcs (>= 1.2.0, < 2.0)
      rspec-support (~> 3.2.0)
    rspec-support (3.2.2)
    sinatra (1.4.6)
      rack (~> 1.4)
      rack-protection (~> 1.4)
      tilt (>= 1.3, < 3)
    thor (0.19.1)
    tilt (2.0.1)
    xn_gem_release_tasks (0.1.32)
      geminabox

PLATFORMS
  java

DEPENDENCIES
  autotest-standalone
  builder
  nokogiri
  pacer-scale!
  rake
  rspec
  rspec-its
  xn_gem_release_tasks (>= 0.1.21)
